GEM
  remote: https://rubygems.org/
  specs:
    activemodel (3.2.22.5)
      activesupport (= 3.2.22.5)
      builder (~> 3.0.0)
    activerecord (3.2.22.5)
      activemodel (= 3.2.22.5)
      activesupport (= 3.2.22.5)
      arel (~> 3.0.2)
      tzinfo (~> 0.3.29)
    activesupport (3.2.22.5)
      i18n (~> 0.6, >= 0.6.4)
      multi_json (~> 1.0)
    arel (3.0.3)
    breakpoint (2.7.1)
      sass (~> 3.3)
      sassy-maps (< 1.0.0)
    builder (3.0.4)
    chunky_png (1.3.11)
    compass (0.12.2)
      chunky_png (~> 1.2)
      fssm (>= 0.2.7)
      sass (~> 3.1)
    compass-core (1.0.0.alpha.17)
      multi_json (~> 1.0)
      sass (>= 3.3.rc.3)
    compass-normalize (1.5)
      compass (>= 0.12.0)
    concurrent-ruby (1.1.5)
    ffi (1.11.1)
    fssm (0.2.10)
    i18n (0.9.5)
      concurrent-ruby (~> 1.0)
    multi_json (1.14.1)
    normalize (0.0.3)
      activerecord (~> 3.0)
    rb-fsevent (0.10.3)
    rb-inotify (0.10.0)
      ffi (~> 1.0)
    sass (3.7.4)
      sass-listen (~> 4.0.0)
    sass-css-importer (1.0.0.beta.0)
      sass (>= 3.1)
    sass-listen (4.0.0)
      rb-fsevent (~> 0.9, >= 0.9.4)
      rb-inotify (~> 0.9, >= 0.9.7)
    sassy-maps (0.4.0)
      sass (~> 3.3)
    susy (1.0.9)
      compass (>= 0.12.2)
      sass (>= 3.2.0)
    tzinfo (0.3.55)

PLATFORMS
  ruby

DEPENDENCIES
  breakpoint
  compass
  compass-core
  compass-normalize
  multi_json
  normalize
  sass
  sass-css-importer
  susy

RUBY VERSION
   ruby 2.5.5p157

BUNDLED WITH
   2.0.2
